PATH
  remote: /Users/wuminzhe/Projects/wuminzhe/scale_rb
  specs:
    scale_rb (0.1.4)
      blake2b_rs (~> 0.1.2)
      xxhash

GEM
  remote: https://rubygems.org/
  specs:
    async (1.30.3)
      console (~> 1.10)
      nio4r (~> 2.3)
      timers (~> 4.1)
    async-http (0.59.2)
      async (>= 1.25)
      async-io (>= 1.28)
      async-pool (>= 0.2)
      protocol-http (~> 0.23.1)
      protocol-http1 (~> 0.14.0)
      protocol-http2 (~> 0.14.0)
      traces (>= 0.4.0)
    async-io (1.34.0)
      async
    async-pool (0.3.12)
      async (>= 1.25)
    async-websocket (0.22.1)
      async-http (~> 0.54)
      async-io (~> 1.23)
      protocol-rack (~> 0.1)
      protocol-websocket (~> 0.9.1)
    blake2b_rs (0.1.3)
      ffi (~> 1.0)
      thermite (~> 0)
    console (1.16.2)
      fiber-local
    ffi (1.15.5)
    fiber-local (1.0.0)
    minitar (0.9)
    nio4r (2.5.8)
    protocol-hpack (1.4.2)
    protocol-http (0.23.12)
    protocol-http1 (0.14.6)
      protocol-http (~> 0.22)
    protocol-http2 (0.14.2)
      protocol-hpack (~> 1.4)
      protocol-http (~> 0.18)
    protocol-rack (0.2.4)
      protocol-http (~> 0.23)
      rack (>= 1.0)
    protocol-websocket (0.9.1)
      protocol-http (~> 0.2)
      protocol-http1 (~> 0.2)
    rack (3.0.0)
    rake (13.0.6)
    thermite (0.13.0)
      minitar (~> 0.5)
      rake (>= 10)
      tomlrb (~> 1.2)
    timers (4.3.5)
    tomlrb (1.3.0)
    traces (0.7.0)
    xxhash (0.5.0)

PLATFORMS
  ruby

DEPENDENCIES
  async-websocket
  scale_rb!

BUNDLED WITH
   2.2.3
